PATH
  remote: ../
  specs:
    homer (0.0.1)

GEM
  remote: https://rubygems.org/
  specs:
    posix-spawn (0.3.9)
    rack (1.6.0)
    rack-protection (1.5.3)
      rack
    sinatra (1.4.5)
      rack (~> 1.4)
      rack-protection (~> 1.4)
      tilt (~> 1.3, >= 1.3.4)
    tilt (1.4.1)
    webkit_remote (0.5.5)
      posix-spawn (>= 0.3.8)
      ws_sync_client (>= 0.1.1)
    websocket (1.2.1)
    websocket-native (1.0.0)
    ws_sync_client (0.1.1)
      websocket (>= 1.1.2)
      websocket-native (>= 1.0.0)

PLATFORMS
  ruby

DEPENDENCIES
  homer!
  sinatra
  webkit_remote
