PATH
  remote: .
  specs:
    homer (0.0.1)
      treat

GEM
  remote: https://rubygems.org/
  specs:
    bind-it (0.2.7)
      rjb (~> 1.4.3)
    birch (0.0.8)
    diff-lcs (1.2.5)
    json (1.8.1)
    mime-types (1.25.1)
    progressbar (0.21.0)
    rake (10.4.2)
    rjb (1.4.9)
    rspec (3.1.0)
      rspec-core (~> 3.1.0)
      rspec-expectations (~> 3.1.0)
      rspec-mocks (~> 3.1.0)
    rspec-core (3.1.7)
      rspec-support (~> 3.1.0)
    rspec-expectations (3.1.2)
      diff-lcs (>= 1.2.0, < 2.0)
      rspec-support (~> 3.1.0)
    rspec-its (1.1.0)
      rspec-core (>= 3.0.0)
      rspec-expectations (>= 3.0.0)
    rspec-mocks (3.1.3)
      rspec-support (~> 3.1.0)
    rspec-support (3.1.2)
    rubyzip (0.9.9)
    schiphol (1.0.1)
      progressbar (>= 0.10.0)
      rubyzip (~> 0.9.9)
    stanford-core-nlp (0.5.1)
      bind-it (~> 0.2.5)
    treat (2.1.0)
      birch
      schiphol
      yomu
    yomu (0.2.2)
      json (~> 1.8)
      mime-types (~> 1.23)

PLATFORMS
  ruby

DEPENDENCIES
  homer!
  rake
  rspec
  rspec-its
  stanford-core-nlp
  treat
